GIT
  remote: git://github.com/kibenimatik/guard-sidekiq
  revision: 115f15804f37ab314b03e0588f3cea5b2cde8db3
  specs:
    guard-sidekiq (0.0.8)
      guard (>= 1.1)
      sidekiq

GEM
  remote: http://rubygems.org/
  specs:
    celluloid (0.12.0)
      timers (>= 1.0.0)
    connection_pool (0.9.2)
    grape (0.2.1)
      hashie (~> 1.2)
      multi_json
      multi_xml
      rack
      rack-mount
    growl (1.0.3)
    guard (1.3.2)
      listen (>= 0.4.2)
      thor (>= 0.14.6)
    guard-bundler (1.0.0)
      bundler (~> 1.0)
      guard (~> 1.1)
    guard-rack (1.2.1)
      growl (~> 1.0.3)
      guard (~> 1.1)
      rb-fsevent (>= 0.3.9)
    hashie (1.2.0)
    json (1.6.5)
    listen (0.5.0)
    multi_json (1.3.6)
    multi_xml (0.5.1)
    rack (1.3.5)
    rack-mount (0.8.3)
      rack (>= 1.0.0)
    rake (0.9.2.2)
    rb-fsevent (0.9.1)
    redis (3.0.1)
    redis-namespace (1.2.1)
      redis (~> 3.0.0)
    sidekiq (2.3.0)
      celluloid (~> 0.12.0)
      connection_pool (~> 0.9.2)
      multi_json (~> 1)
      redis (~> 3)
      redis-namespace
    thor (0.16.0)
    timers (1.0.1)

PLATFORMS
  ruby

DEPENDENCIES
  grape (= 0.2.1)
  guard
  guard-bundler
  guard-rack
  guard-sidekiq!
  json (= 1.6.5)
  rack (= 1.3.5)
  rake
  sidekiq (= 2.3.0)
